GIT
  remote: git://github.com/operable/cog-rb.git
  revision: 8213c9fe11d4c0b4274277d7a52018c2f601beb1
  specs:
    cog-rb (0.1.5)

GEM
  remote: https://rubygems.org/
  specs:

PLATFORMS
  ruby

DEPENDENCIES
  cog-rb!

BUNDLED WITH
   1.10.6
